PATH
  remote: ../alf-tool/alf-core
  specs:
    alf-core (0.13.0)
      domain (~> 1.0)
      myrrha (~> 3.0)
      path (~> 1.3)
      sexpr (~> 0.5.1)

GEM
  remote: http://rubygems.org/
  specs:
    backports (2.6.5)
    citrus (2.4.1)
    diff-lcs (1.2.4)
    domain (1.0.0)
    myrrha (3.0.0)
      domain (~> 1.0)
    path (1.3.1)
    quickl (0.4.3)
    rake (10.0.4)
    rspec (2.13.0)
      rspec-core (~> 2.13.0)
      rspec-expectations (~> 2.13.0)
      rspec-mocks (~> 2.13.0)
    rspec-core (2.13.1)
    rspec-expectations (2.13.0)
      diff-lcs (>= 1.1.3, < 2.0)
    rspec-mocks (2.13.1)
    sexpr (0.5.1)
    temple (0.4.1)
    wlang (2.1.1)
      backports (~> 2.6)
      citrus (~> 2.4.1)
      path (~> 1.3)
      quickl (~> 0.4.3)
      temple (~> 0.4.0)
    yargi (0.1.2)

PLATFORMS
  ruby

DEPENDENCIES
  alf-core!
  path (~> 1.3.1)
  rake (~> 10.0)
  rspec (~> 2.13)
  wlang (~> 2.0)
  yargi (~> 0.1.2)
