GEM
  remote: http://rubygems.org/
  specs:
    diff-lcs (1.1.3)
    path (1.3.1)
    rake (0.9.2)
    rspec (2.6.0)
      rspec-core (~> 2.6.0)
      rspec-expectations (~> 2.6.0)
      rspec-mocks (~> 2.6.0)
    rspec-core (2.6.4)
    rspec-expectations (2.6.0)
      diff-lcs (~> 1.1.2)
    rspec-mocks (2.6.0)
    wlang (0.10.2)
    yargi (0.1.2)

PLATFORMS
  ruby

DEPENDENCIES
  path (~> 1.3.1)
  rake (~> 0.9.2)
  rspec (~> 2.6.0)
  wlang (~> 0.10.2)
  yargi (~> 0.1.2)
